PATH
  remote: .
  specs:
    furaffinity (0.1.0)
      httpx (~> 1.1)
      json
      nokogiri (~> 1.15)
      semantic_logger (~> 4.14)
      thor (~> 1.3)
      zeitwerk (~> 2.6)

GEM
  remote: https://rubygems.org/
  specs:
    concurrent-ruby (1.2.2)
    http-2-next (1.0.1)
    httpx (1.1.0)
      http-2-next (>= 1.0.1)
    json (2.6.3)
    nokogiri (1.15.4-arm64-darwin)
      racc (~> 1.4)
    nokogiri (1.15.4-x86_64-linux)
      racc (~> 1.4)
    racc (1.7.3)
    rake (13.1.0)
    semantic_logger (4.14.0)
      concurrent-ruby (~> 1.0)
    thor (1.3.0)
    zeitwerk (2.6.12)

PLATFORMS
  arm64-darwin-22
  x86_64-linux

DEPENDENCIES
  furaffinity!
  rake (~> 13.0)

BUNDLED WITH
   2.4.21
